GEM
  remote: https://rubygems.org/
  specs:
    binding_of_caller (0.7.2)
      debug_inspector (>= 0.0.1)
    debug_inspector (0.0.2)
    diff-lcs (1.2.5)
    given_core (3.8.0)
      sorcerer (>= 0.3.7)
    interception (0.5)
    minitest (5.8.4)
    mrspec (0.3.1)
      minitest (~> 5.0)
      rspec-core (~> 3.2)
      what_weve_got_here_is_an_error_to_communicate (~> 0.0.8)
    rouge (1.10.1)
    rspec (3.4.0)
      rspec-core (~> 3.4.0)
      rspec-expectations (~> 3.4.0)
      rspec-mocks (~> 3.4.0)
    rspec-core (3.4.4)
      rspec-support (~> 3.4.0)
    rspec-expectations (3.4.0)
      diff-lcs (>= 1.2.0, < 2.0)
      rspec-support (~> 3.4.0)
    rspec-given (3.8.0)
      given_core (= 3.8.0)
      rspec (>= 2.14.0)
    rspec-mocks (3.4.1)
      diff-lcs (>= 1.2.0, < 2.0)
      rspec-support (~> 3.4.0)
    rspec-support (3.4.1)
    sorcerer (1.0.2)
    what_weve_got_here_is_an_error_to_communicate (0.0.8)
      binding_of_caller (~> 0.7.2)
      interception (~> 0.5)
      rouge (~> 1.8, != 1.9.1)

PLATFORMS
  ruby

DEPENDENCIES
  mrspec
  rspec
  rspec-given

BUNDLED WITH
   1.11.2
